GEM
  remote: http://rubygems.org/
  specs:
    diff-lcs (1.2.5)
    fakeweb (1.3.0)
    git (1.3.0)
    jeweler (1.8.4)
      bundler (~> 1.0)
      git (>= 1.2.5)
      rake
      rdoc
    json (1.8.3)
    json (1.8.3-java)
    multi_json (1.8.2)
    rake (11.2.2)
    rdoc (4.2.2)
      json (~> 1.4)
    rspec (2.14.1)
      rspec-core (~> 2.14.0)
      rspec-expectations (~> 2.14.0)
      rspec-mocks (~> 2.14.0)
    rspec-core (2.14.7)
    rspec-expectations (2.14.4)
      diff-lcs (>= 1.1.3, < 2.0)
    rspec-mocks (2.14.4)
    simplecov (0.7.1)
      multi_json (~> 1.0)
      simplecov-html (~> 0.7.1)
    simplecov-html (0.7.1)

PLATFORMS
  java
  ruby

DEPENDENCIES
  bundler (~> 1.2)
  fakeweb (~> 1.3)
  jeweler (~> 1.8)
  rspec (~> 2.12)
  simplecov

BUNDLED WITH
   1.12.5
